GEM
  remote: https://rubygems.org/
  specs:
    bubble-wrap (1.9.5)
    formotion (1.8)
      bubble-wrap (>= 1.4.0)
      motion-require (>= 0.1.0)
    motion-require (0.2.0)
    motion-support (1.1.0)
      motion-require (>= 0.0.6)
    motion_model (0.6.2)
      bubble-wrap (>= 1.3.0)
      motion-support (>= 0.1.0)
    rake (11.1.2)
    rb-fsevent (0.9.7)

PLATFORMS
  ruby

DEPENDENCIES
  formotion
  motion_model
  rake
  rb-fsevent

BUNDLED WITH
   1.11.2
